GEM
  remote: http://rubygems.org/
  specs:
    diff-lcs (1.3)
    equatable (0.5.0)
    json (2.1.0)
    necromancer (0.4.0)
    pastel (0.7.1)
      equatable (~> 0.5.0)
      tty-color (~> 0.4.0)
    rspec (3.6.0)
      rspec-core (~> 3.6.0)
      rspec-expectations (~> 3.6.0)
      rspec-mocks (~> 3.6.0)
    rspec-core (3.6.0)
      rspec-support (~> 3.6.0)
    rspec-expectations (3.6.0)
      diff-lcs (>= 1.2.0, < 2.0)
      rspec-support (~> 3.6.0)
    rspec-mocks (3.6.0)
      diff-lcs (>= 1.2.0, < 2.0)
      rspec-support (~> 3.6.0)
    rspec-support (3.6.0)
    tty-color (0.4.2)
    tty-cursor (0.4.0)
    tty-prompt (0.12.0)
      necromancer (~> 0.4.0)
      pastel (~> 0.7.0)
      tty-cursor (~> 0.4.0)
      wisper (~> 1.6.1)
    wisper (1.6.1)

PLATFORMS
  ruby

DEPENDENCIES
  json
  rspec
  tty-prompt

BUNDLED WITH
   1.14.6
